GIT
  remote: https://github.com/eregon/epath.git
  revision: eab4647c92f39d8cbbc281ea7bd6cce6006aad34
  specs:
    epath (0.0.1)

PATH
  remote: ../viiite
  specs:
    viiite (0.3.0)
      alf (~> 0.10.1)
      epath
      gnuplot (~> 2.3.6)
      json
      sfl (~> 2.0)

GEM
  remote: http://rubygems.org/
  specs:
    alf (0.10.1)
      highline (~> 1.6.2)
      myrrha (~> 1.2.1)
      quickl (~> 0.4.1)
    gnuplot (2.3.6)
    highline (1.6.8)
    json (1.6.1)
    json (1.6.1-java)
    myrrha (1.2.1)
    quickl (0.4.1)
    sfl (2.0)

PLATFORMS
  java
  ruby

DEPENDENCIES
  epath!
  viiite!
